PATH
  remote: .
  specs:
    sa-monitoring (0.0.3)
      amqp (= 0.7.1)
      em-hiredis
      json
      uuidtools

GEM
  remote: http://rubygems.org/
  specs:
    amqp (0.7.1)
      eventmachine (>= 0.12.4)
    em-hiredis (0.1.0)
      hiredis (~> 0.3.0)
    eventmachine (0.12.10)
    hiredis (0.3.2)
    json (1.5.3)
    uuidtools (2.1.2)

PLATFORMS
  ruby

DEPENDENCIES
  sa-monitoring!
