PATH
  remote: .
  specs:
    sa-monitoring (0.0.4)
      amqp (= 0.8.0.rc14)
      async_sinatra
      em-hiredis
      json
      uuidtools

GEM
  remote: http://rubygems.org/
  specs:
    amq-client (0.8.0)
      amq-protocol (>= 0.8.0)
      eventmachine
    amq-protocol (0.8.0)
    amqp (0.8.0.rc14)
      amq-client (>= 0.8.0)
      amq-protocol (>= 0.8.0)
      eventmachine
    async_sinatra (0.5.0)
      rack (>= 1.2.1)
      sinatra (>= 1.0)
    em-hiredis (0.1.0)
      hiredis (~> 0.3.0)
    eventmachine (0.12.10)
    hiredis (0.3.2)
    json (1.5.3)
    rack (1.3.2)
    sinatra (1.2.6)
      rack (~> 1.1)
      tilt (< 2.0, >= 1.2.2)
    tilt (1.3.2)
    uuidtools (2.1.2)

PLATFORMS
  ruby

DEPENDENCIES
  sa-monitoring!
