PATH
  remote: .
  specs:
    sa-monitoring (0.0.3)
      amqp (= 0.7.1)
      async_sinatra
      em-hiredis
      json
      sinatra
      uuidtools

GEM
  remote: http://rubygems.org/
  specs:
    amqp (0.7.1)
      eventmachine (>= 0.12.4)
    async_sinatra (0.5.0)
      rack (>= 1.2.1)
      sinatra (>= 1.0)
    em-hiredis (0.1.0)
      hiredis (~> 0.3.0)
    eventmachine (0.12.10)
    hiredis (0.3.2)
    json (1.5.3)
    rack (1.3.2)
    sinatra (1.2.6)
      rack (~> 1.1)
      tilt (< 2.0, >= 1.2.2)
    tilt (1.3.2)
    uuidtools (2.1.2)

PLATFORMS
  ruby

DEPENDENCIES
  sa-monitoring!
